GEM
  remote: http://rubygems.org/
  specs:
    daemons (1.2.3)
    json (1.8.3)
    newrelic_plugin (1.3.1)
      json

PLATFORMS
  ruby

DEPENDENCIES
  daemons
  newrelic_plugin
